GEM
  remote: http://rubygems.org/
  specs:
    mini_portile2 (2.8.0)
    nokogiri (1.13.2)
      mini_portile2 (~> 2.8.0)
      racc (~> 1.4)
    racc (1.6.0)
    rack (1.2.1)
    typhoeus (0.1.31)
      rack

PLATFORMS
  ruby

DEPENDENCIES
  nokogiri
  typhoeus
