GEM
  remote: http://rubygems.org/
  specs:
    mini_portile2 (2.5.1)
    nokogiri (1.11.4)
      mini_portile2 (~> 2.5.0)
      racc (~> 1.4)
    racc (1.5.2)
    rack (1.2.1)
    typhoeus (0.1.31)
      rack

PLATFORMS
  ruby

DEPENDENCIES
  nokogiri
  typhoeus
