GEM
  remote: http://rubygems.org/
  specs:
    nokogiri (1.4.3.1)
    rack (2.2.3)
    typhoeus (0.1.31)
      rack

PLATFORMS
  ruby

DEPENDENCIES
  nokogiri
  typhoeus
